PATH
  remote: .
  specs:
    sass-spec (3.3.3)
      minitest (~> 5.8.0)

GEM
  remote: https://rubygems.org/
  specs:
    minitest (5.8.3)
    rake (10.4.2)
    sass (3.4.21)

PLATFORMS
  ruby

DEPENDENCIES
  bundler (~> 1.7)
  rake (~> 10.0)
  sass (~> 3.4)
  sass-spec!
