GIT
  remote: https://github.com/sass/sass.git
  revision: dd33ed589600cc84ba367c88433b2b9311495c44
  branch: stable
  specs:
    sass (3.4.22)

PATH
  remote: .
  specs:
    sass-spec (3.3.3)
      command_line_reporter (~> 3.0)
      diffy (~> 3.1)
      minitest (~> 5.8)
      ruby-terminfo (~> 0.1.1)

GEM
  remote: https://rubygems.org/
  specs:
    colored (1.2)
    command_line_reporter (3.3.6)
      colored (>= 1.2)
    diffy (3.1.0)
    minitest (5.8.4)
    rake (10.5.0)
    ruby-terminfo (0.1.1)

PLATFORMS
  ruby

DEPENDENCIES
  bundler (~> 1.7)
  rake (~> 10.0)
  sass!
  sass-spec!

BUNDLED WITH
   1.11.2
