GEM
  remote: https://rubygems.org/
  specs:
    colored (1.2)
    command_line_reporter (3.3.6)
      colored (>= 1.2)
    diffy (3.3.0)
    hrx (1.0.0)
      linked-list (~> 0.0.13)
    linked-list (0.0.13)
    minitest (5.11.3)
    ruby-terminfo (0.1.1)

PLATFORMS
  ruby

DEPENDENCIES
  command_line_reporter (~> 3.0)
  diffy (~> 3.1)
  hrx (~> 1.0)
  minitest (~> 5.8)
  ruby-terminfo (~> 0.1.1)

BUNDLED WITH
   1.16.2
