PATH
  remote: ../sass
  specs:
    sass (3.5.0.alpha)
      listen (~> 3.0)

PATH
  remote: .
  specs:
    sass-spec (3.3.3)
      command_line_reporter (~> 3.0)
      diffy (~> 3.1)
      minitest (~> 5.8)
      ruby-terminfo (~> 0.1.1)

GEM
  remote: https://rubygems.org/
  specs:
    colored (1.2)
    command_line_reporter (3.3.6)
      colored (>= 1.2)
    diffy (3.1.0)
    ffi (1.9.10)
    listen (3.1.3)
      rb-fsevent (~> 0.9, >= 0.9.7)
      rb-inotify (~> 0.9, >= 0.9.7)
      ruby_dep (~> 1.2)
    minitest (5.8.4)
    rake (10.5.0)
    rb-fsevent (0.9.7)
    rb-inotify (0.9.7)
      ffi (>= 0.5.0)
    ruby-terminfo (0.1.1)
    ruby_dep (1.3.1)

PLATFORMS
  ruby

DEPENDENCIES
  bundler (~> 1.7)
  rake (~> 10.0)
  sass!
  sass-spec!

BUNDLED WITH
   1.11.2
